PATH
  remote: .
  specs:
    ultimate-mixins (0.1.0.0)

GEM
  remote: https://rubygems.org/
  specs:

PLATFORMS
  ruby

DEPENDENCIES
  ultimate-mixins!
